GEM
  remote: https://rubygems.org/
  specs:
    beefcake (1.0.0)
    cert_validator (0.0.1)
    i18n (0.6.11)
    innertube (1.0.2)
    json (1.8.1)
    multi_json (1.10.1)
    riak-client (2.1.0)
      beefcake (~> 1.0)
      cert_validator (~> 0.0.1)
      i18n (>= 0.4.0)
      innertube (~> 1.0.2)
      multi_json (~> 1.0)
    timerizer (0.1.4)

PLATFORMS
  ruby

DEPENDENCIES
  json
  riak-client
  timerizer
